PATH
  remote: .
  specs:
    rfc2047 (0.2)

GEM
  remote: https://rubygems.org/
  specs:
    rake (10.1.1)

PLATFORMS
  ruby

DEPENDENCIES
  rake
  rfc2047!
